GEM
  specs:
    minitest (5.16.3)

PLATFORMS
  x64-mingw-ucrt

DEPENDENCIES
  minitest

BUNDLED WITH
   2.4.7
